PATH
  remote: .
  specs:

GEM
  remote: https://rubygems.org/
  specs:
    diff-lcs (1.2.5)
    hpricot (0.8.6)
    mustache (0.99.6)
    rake (10.4.2)
    rdiscount (1.6.8)
    ronn (0.7.3)
      hpricot (>= 0.8.2)
      mustache (>= 0.7.0)
      rdiscount (>= 1.5.8)
    rspec (3.2.0)
      rspec-core (~> 3.2.0)
      rspec-expectations (~> 3.2.0)
      rspec-mocks (~> 3.2.0)
    rspec-core (3.2.3)
      rspec-support (~> 3.2.0)
    rspec-expectations (3.2.1)
      diff-lcs (>= 1.2.0, < 2.0)
      rspec-support (~> 3.2.0)
    rspec-mocks (3.2.1)
      diff-lcs (>= 1.2.0, < 2.0)
      rspec-support (~> 3.2.0)
    rspec-support (3.2.2)

PLATFORMS
  ruby

DEPENDENCIES
  bundler!
  mustache (= 0.99.6)
  rake (~> 10.0)
  rdiscount (~> 1.6)
  ronn (~> 0.7.3)
  rspec (~> 3.0)

BUNDLED WITH
   1.10.2
